NUGET
  remote: https://nuget.org/api/v2
  specs:
    elmah (1.2.2)
      elmah.corelibrary (>= 1.2.2)
    elmah.corelibrary (1.2.2)
    FAKE (4.3.0)
    FsCheck (2.0.7)
      FSharp.Core (>= 3.1.2.5)
    FsCheck.Nunit (2.0.7)
      FsCheck (>= 2.0.7)
      NUnit (>= 2.6.4)
      NUnit.Runners (>= 2.6.4)
    FSharp.Compiler.Service (1.4.0.1)
    FSharp.Core (4.0.0.1)
    FSharp.Formatting (2.10.0)
      FSharp.Compiler.Service (>= 0.0.87)
      FSharpVSPowerTools.Core (1.8.0)
    FSharpVSPowerTools.Core (1.8.0)
      FSharp.Compiler.Service (>= 0.0.87)
    Microsoft.Bcl (1.1.10)
      Microsoft.Bcl.Build (>= 1.0.14)
    Microsoft.Bcl.Build (1.0.21)
    Microsoft.Net.Http (2.2.29)
      Microsoft.Bcl (>= 1.1.10)
      Microsoft.Bcl.Build (>= 1.0.14)
    Newtonsoft.Json (7.0.1)
    NUnit (2.6.4)
    NUnit.Runners (2.6.4)
    Octokit (0.14.0) - framework: dnxcore50
      Microsoft.Net.Http
    RestSharp (105.2.3)
    SourceLink.Fake (1.1.0)
    WebSharper (3.4.9.188)
    WebSharper.UI.Next (3.4.9.157)
      WebSharper
GITHUB
  remote: fsharp/FAKE
  specs:
    modules/Octokit/Octokit.fsx (fd2e6b5c783b5c099273c26cc0ae893583a503a7)
      Octokit