NUGET
  remote: https://nuget.org/api/v2
  specs:
    elmah (1.2.2)
      elmah.corelibrary (>= 1.2.2)
    elmah.corelibrary (1.2.2)
    FAKE (4.0.2)
    FsCheck (2.0.1)
      FSharp.Core (>= 3.1.2.1)
    FsCheck.Nunit (2.0.1)
      FsCheck (>= 2.0.1)
      NUnit (>= 2.6.4)
      NUnit.Runners (>= 2.6.4)
    FSharp.Compiler.Service (0.0.90)
    FSharp.Core (3.1.2.1)
    FSharp.Formatting (2.9.10)
      FSharp.Compiler.Service (>= 0.0.87)
      FSharpVSPowerTools.Core (1.8.0)
    FSharpVSPowerTools.Core (1.8.0)
      FSharp.Compiler.Service (>= 0.0.87)
    Microsoft.Bcl (1.1.10)
      Microsoft.Bcl.Build (>= 1.0.14)
    Microsoft.Bcl.Build (1.0.21)
    Microsoft.Net.Http (2.2.29)
      Microsoft.Bcl (>= 1.1.10)
      Microsoft.Bcl.Build (>= 1.0.14)
    Newtonsoft.Json (7.0.1)
    NUnit (2.6.4)
    NUnit.Runners (2.6.4)
    Octokit (0.13.0)
      Microsoft.Net.Http
    SourceLink.Fake (1.0.0)
    WebSharper (3.4.8.187)
    WebSharper.UI.Next (3.4.8.156)
      WebSharper
GITHUB
  remote: fsharp/FAKE
  specs:
    modules/Octokit/Octokit.fsx (5fa687a82085399a625b0dfd84751fe81d4b3a6c)
      Octokit